GEM
  remote: http://rubygems.org/
  specs:
    addressable (2.3.3)
    blankslate (2.1.2.4)
    bluecloth (2.2.0)
    excon (0.16.10)
    gli (2.5.4)
    heroku (2.35.0)
      heroku-api (~> 0.3.7)
      launchy (>= 0.3.2)
      netrc (~> 0.7.7)
      rest-client (~> 1.6.1)
      rubyzip
    heroku-api (0.3.8)
      excon (~> 0.16.10)
    json (1.7.7)
    launchy (2.2.0)
      addressable (~> 2.3)
    mime-types (1.21)
    multi_json (1.6.1)
    netrc (0.7.7)
    nokogiri (1.5.6)
    parslet (1.5.0)
      blankslate (~> 2.0)
    pusher (0.8.5)
      multi_json (~> 1.0)
      ruby-hmac (~> 0.4.0)
      signature (~> 0.1.2)
    rack (1.5.2)
    rack-protection (1.4.0)
      rack
    redcarpet (2.2.2)
    rest-client (1.6.7)
      mime-types (>= 1.16)
    ruby-hmac (0.4.0)
    rubyzip (0.9.9)
    showoff (0.7.0)
      bluecloth
      gli (>= 1.3.2)
      json
      nokogiri
      parslet
      sinatra
    showoff-pusher (0.0.1)
      pusher (~> 0.8.3)
      showoff (~> 0.7.0)
    signature (0.1.6)
    sinatra (1.3.5)
      rack (~> 1.4)
      rack-protection (~> 1.3)
      tilt (>= 1.3.3, ~> 1.3)
    tilt (1.3.5)

PLATFORMS
  ruby

DEPENDENCIES
  heroku
  redcarpet
  showoff
  showoff-pusher
